GEM
  remote: https://rubygems.org/
  specs:
    lexr (0.2.3)
    rspec (1.3.2)

PLATFORMS
  ruby

DEPENDENCIES
  lexr (>= 0.2.3)
  rspec (= 1.3.2)
